GIT
  remote: git://github.com/shoes/shoes4.git
  revision: e0ad1303802c862ef62a1c3bd5cec2b7dee8e421
  specs:
    shoes (4.0.0.pre1)
      after_do
      furoshiki (>= 0.1.2)
      log4jruby
      nokogiri
      swt (~> 0.17)

GEM
  remote: https://rubygems.org/
  specs:
    after_do (0.1.0)
    furoshiki (0.1.2)
      plist
      rubyzip (< 1.0.0)
      warbler
    jruby-jars (1.7.6)
    jruby-rack (1.1.13.2)
    log4jruby (0.5.0-java)
    mini_portile (0.5.2)
    nokogiri (1.6.0-java)
      mini_portile (~> 0.5.0)
    plist (3.1.0)
    rake (10.1.0)
    rubyzip (0.9.9)
    swt (0.18)
    warbler (1.3.8)
      jruby-jars (>= 1.5.6)
      jruby-rack (>= 1.0.0)
      rake (>= 0.9.6)
      rubyzip (>= 0.9.8)

PLATFORMS
  java

DEPENDENCIES
  shoes!
