GIT
  remote: git://github.com/shoes/shoes4.git
  revision: 8cf10f6d60486b38d54c5fab7c07289091fdb188
  specs:
    shoes (4.0.0.pre1)
      after_do
      furoshiki
      log4jruby
      nokogiri
      swt (~> 0.16)

GEM
  remote: https://rubygems.org/
  specs:
    after_do (0.1.0)
    furoshiki (0.1.0)
      plist
      warbler
    jruby-jars (1.7.4)
    jruby-rack (1.1.13.2)
    log4jruby (0.5.0-java)
    mini_portile (0.5.1)
    nokogiri (1.6.0-java)
      mini_portile (~> 0.5.0)
    plist (3.1.0)
    rake (10.1.0)
    rubyzip (0.9.9)
    swt (0.16)
    warbler (1.3.8)
      jruby-jars (>= 1.5.6)
      jruby-rack (>= 1.0.0)
      rake (>= 0.9.6)
      rubyzip (>= 0.9.8)

PLATFORMS
  java

DEPENDENCIES
  shoes!
