GIT
  remote: git://github.com/shoes/shoes4.git
  revision: 3851ae1893ed84609509fc0e118f9d72d2fb498a
  specs:
    shoes (4.0.0.pre1)
      after_do (~> 0.3)
      furoshiki (>= 0.1.2)
      log4jruby
      nokogiri
      swt (~> 0.18)

GEM
  remote: https://rubygems.org/
  specs:
    after_do (0.3.0)
    furoshiki (0.1.2)
      plist
      rubyzip (< 1.0.0)
      warbler
    jruby-jars (1.7.10)
    jruby-rack (1.1.13.3)
    log4jruby (0.5.0-java)
    mini_portile (0.5.2)
    nokogiri (1.6.1-java)
      mini_portile (~> 0.5.0)
    plist (3.1.0)
    rake (10.1.1)
    rubyzip (0.9.9)
    swt (0.18)
    warbler (1.4.0)
      jruby-jars (>= 1.5.6)
      jruby-rack (>= 1.0.0)
      rake (>= 0.9.6)
      rubyzip (>= 0.9, < 1.1)

PLATFORMS
  java

DEPENDENCIES
  shoes!
