GIT
  remote: git://github.com/shoes/shoes4.git
  revision: 7b4ea24d500ed495b486faed63fa4bc88cb4860b
  specs:
    shoes (4.0.0.pre1)
      furoshiki (>= 0.1.2)
      nokogiri
      shoes-dsl (= 4.0.0.pre1)
      shoes-swt (= 4.0.0.pre1)
    shoes-dsl (4.0.0.pre1)
    shoes-swt (4.0.0.pre1)
      after_do (~> 0.3)
      furoshiki (>= 0.1.2)
      shoes-dsl (= 4.0.0.pre1)
      swt (~> 0.18)

PATH
  remote: ./wingtips
  specs:
    wingtips (0.0.1)

GEM
  remote: https://rubygems.org/
  specs:
    after_do (0.3.1)
    furoshiki (0.1.2)
      plist
      rubyzip (< 1.0.0)
      warbler
    jruby-jars (1.7.15)
    jruby-rack (1.1.16)
    nokogiri (1.6.3.1-java)
    plist (3.1.0)
    rake (10.3.2)
    rubyzip (0.9.9)
    swt (0.18)
    warbler (1.4.4)
      jruby-jars (>= 1.5.6, < 2.0)
      jruby-rack (>= 1.0.0)
      rake (>= 0.9.6)
      rubyzip (>= 0.9, < 1.2)

PLATFORMS
  java

DEPENDENCIES
  shoes!
  wingtips!
